GIT
  remote: git://github.com/ifad/hawk.git
  revision: 51f29315dcf03a413ddd7293f4c2754579592f42
  specs:
    hawk (0.5.0)
      activemodel
      activesupport
      dalli
      ethon (>= 0.7.4)
      multi_json
      typhoeus

PATH
  remote: .
  specs:
    scriptoria-core-client (1.0.0)
      hawk (~> 0)

GEM
  remote: https://rubygems.org/
  specs:
    activemodel (4.2.6)
      activesupport (= 4.2.6)
      builder (~> 3.1)
    activesupport (4.2.6)
      i18n (~> 0.7)
      json (~> 1.7, >= 1.7.7)
      minitest (~> 5.1)
      thread_safe (~> 0.3, >= 0.3.4)
      tzinfo (~> 1.1)
    builder (3.2.2)
    dalli (2.7.6)
    ethon (0.9.0)
      ffi (>= 1.3.0)
    ffi (1.9.10)
    i18n (0.7.0)
    json (1.8.3)
    minitest (5.8.4)
    multi_json (1.12.0)
    thread_safe (0.3.5)
    typhoeus (1.0.2)
      ethon (>= 0.9.0)
    tzinfo (1.2.2)
      thread_safe (~> 0.1)

PLATFORMS
  ruby

DEPENDENCIES
  hawk!
  scriptoria-core-client!

BUNDLED WITH
   1.10.6
