GIT
  remote: git://github.com/ifad/hawk.git
  revision: d01019d95d10567edd2a78077cc6a8b6776020b6
  specs:
    hawk (0.3.1)
      activemodel
      dalli
      ethon (>= 0.7.4)
      multi_json
      typhoeus

PATH
  remote: .
  specs:
    scriptoria-core-client (0.0.1)
      hawk

GEM
  remote: https://rubygems.org/
  specs:
    activemodel (4.2.5)
      activesupport (= 4.2.5)
      builder (~> 3.1)
    activesupport (4.2.5)
      i18n (~> 0.7)
      json (~> 1.7, >= 1.7.7)
      minitest (~> 5.1)
      thread_safe (~> 0.3, >= 0.3.4)
      tzinfo (~> 1.1)
    builder (3.2.2)
    byebug (8.2.0)
    dalli (2.7.4)
    diff-lcs (1.2.5)
    ethon (0.8.0)
      ffi (>= 1.3.0)
    ffi (1.9.10)
    i18n (0.7.0)
    json (1.8.3)
    minitest (5.8.3)
    multi_json (1.11.2)
    rspec (2.99.0)
      rspec-core (~> 2.99.0)
      rspec-expectations (~> 2.99.0)
      rspec-mocks (~> 2.99.0)
    rspec-core (2.99.2)
    rspec-expectations (2.99.2)
      diff-lcs (>= 1.1.3, < 2.0)
    rspec-mocks (2.99.4)
    thread_safe (0.3.5)
    typhoeus (0.8.0)
      ethon (>= 0.8.0)
    tzinfo (1.2.2)
      thread_safe (~> 0.1)

PLATFORMS
  ruby

DEPENDENCIES
  byebug
  hawk!
  rspec
  scriptoria-core-client!

BUNDLED WITH
   1.10.6
